GEM
  remote: https://rubygems.org/
  specs:
    addressable (2.2.8)
    coderay (1.0.6)
    cookiejar (0.3.0)
    em-http-request (1.0.2)
      addressable (>= 2.2.3)
      cookiejar
      em-socksify
      eventmachine (>= 1.0.0.beta.4)
      http_parser.rb (>= 0.5.3)
    em-socksify (0.2.0)
      eventmachine (>= 1.0.0.beta.4)
    eventmachine (1.0.0.beta.4)
    http_parser.rb (0.5.3)
    json (1.7.3)
    method_source (0.7.1)
    mime-types (1.18)
    pry (0.9.9.6)
      coderay (~> 1.0.5)
      method_source (~> 0.7.1)
      slop (>= 2.4.4, < 3)
    pubnub (0.1.9)
      em-http-request (>= 1.0.2)
      json
    rest-client (1.6.7)
      mime-types (>= 1.16)
    slop (2.4.4)

PLATFORMS
  ruby

DEPENDENCIES
  pry
  pubnub
  rest-client
